GEM
  remote: https://rubygems.org/
  specs:
    dotenv (3.1.7)
    minitest (5.25.4)
    rake (13.2.1)

PLATFORMS
  ruby
  x86_64-linux

DEPENDENCIES
  dotenv (~> 3.1)
  minitest (~> 5.25)
  rake (~> 13.2)

BUNDLED WITH
   2.5.11
